PATH
  remote: .
  specs:
    lapino (0.1.0)
      bunny (~> 0.8.0)
      multi_json (~> 1.3.0)
      rack (~> 1.4.0)
      sinatra (~> 1.3.0)

GEM
  remote: http://rubygems.org/
  specs:
    bunny (0.8.0)
    metaclass (0.0.1)
    mocha (0.12.1)
      metaclass (~> 0.0.1)
    multi_json (1.3.6)
    puma (1.5.0)
      rack (~> 1.2)
    rack (1.4.1)
    rack-protection (1.2.0)
      rack
    rack-test (0.6.1)
      rack (>= 1.0)
    rake (0.9.2.2)
    shoulda (2.11.3)
    sinatra (1.3.2)
      rack (~> 1.3, >= 1.3.6)
      rack-protection (~> 1.2)
      tilt (~> 1.3, >= 1.3.3)
    tilt (1.3.3)

PLATFORMS
  ruby

DEPENDENCIES
  lapino!
  mocha
  puma
  rack-test
  rake
  shoulda
